GEM
  remote: https://rubygems.org/
  specs:
    consulta_cpf (0.1.0)

PLATFORMS
  x64-mingw-ucrt

DEPENDENCIES
  consulta_cpf (~> 0.1.0)

BUNDLED WITH
   2.4.19
